GEM
  remote: http://rubygems.org/
  specs:
    childprocess (0.4.0)
      ffi (~> 1.0, >= 1.0.11)
    ffi (1.9.3)
    hpricot (0.8.6)
    multi_json (1.8.4)
    phantomjs (1.9.2.1)
    rubyzip (1.1.0)
    selenium-phantomjs (0.0.3)
      selenium-webdriver
    selenium-webdriver (2.39.0)
      childprocess (>= 0.2.5)
      multi_json (~> 1.0)
      rubyzip (~> 1.0)
      websocket (~> 1.0.4)
    watir-webdriver (0.6.6)
      selenium-webdriver (>= 2.18.0)
    websocket (1.0.7)

PLATFORMS
  ruby

DEPENDENCIES
  hpricot
  phantomjs
  selenium-phantomjs
  watir-webdriver
